GIT
  remote: git://github.com/stympy/faker.git
  revision: a7c03e67c18356b32a487795332c01c3d8d9add7
  branch: master
  specs:
    faker (1.8.7)
      i18n (>= 0.7)

GEM
  remote: https://rubygems.org/
  specs:
    builder (3.2.3)
    concurrent-ruby (1.0.5)
    cssminify (1.0.2)
    htmlbeautifier (1.3.1)
    i18n (1.0.1)
      concurrent-ruby (~> 1.0)
    markaby (0.9.0)
      builder
    mustermann (1.0.2)
    rack (2.0.5)
    rack-protection (2.0.3)
      rack
    sinatra (2.0.3)
      mustermann (~> 1.0)
      rack (~> 2.0)
      rack-protection (= 2.0.3)
      tilt (~> 2.0)
    tilt (2.0.8)
    zxcvbn-ruby (0.1.2)

PLATFORMS
  ruby

DEPENDENCIES
  cssminify
  faker!
  htmlbeautifier
  markaby
  sinatra
  zxcvbn-ruby

BUNDLED WITH
   1.16.1
